PATH
  remote: .
  specs:
    bluejay (0.1.0.alpha.1)
      sorbet-runtime

GEM
  remote: https://rubygems.org/
  specs:
    ast (2.4.2)
    benchmark-ips (2.12.0)
    benchmark-memory (0.2.0)
      memory_profiler (~> 1)
    coderay (1.1.3)
    diff-lcs (1.5.0)
    erubi (1.12.0)
    graphql (2.0.24)
    graphql-c_parser (1.0.4)
      graphql
    json (2.6.3)
    language_server-protocol (3.17.0.3)
    memory_profiler (1.0.1)
    method_source (1.0.0)
    minitest (5.18.1)
    netrc (0.11.0)
    parallel (1.23.0)
    parser (3.2.2.3)
      ast (~> 2.4.1)
      racc
    prettier_print (1.2.1)
    pry (0.14.2)
      coderay (~> 1.1)
      method_source (~> 1.0)
    pry-nav (1.0.0)
      pry (>= 0.9.10, < 0.15)
    racc (1.7.1)
    rainbow (3.1.1)
    rake (13.0.6)
    rake-compiler (1.2.3)
      rake
    rb_sys (0.9.79)
    rbi (0.0.17)
      ast
      parser (>= 3.0.0)
      sorbet-runtime (>= 0.5.9204)
      unparser (>= 0.5.6)
    regexp_parser (2.8.1)
    rexml (3.2.5)
    rubocop (1.54.2)
      json (~> 2.3)
      language_server-protocol (>= 3.17.0)
      parallel (~> 1.10)
      parser (>= 3.2.2.3)
      rainbow (>= 2.2.2, < 4.0)
      regexp_parser (>= 1.8, < 3.0)
      rexml (>= 3.2.5, < 4.0)
      rubocop-ast (>= 1.28.0, < 2.0)
      ruby-progressbar (~> 1.7)
      unicode-display_width (>= 2.4.0, < 3.0)
    rubocop-ast (1.29.0)
      parser (>= 3.2.1.0)
    rubocop-minitest (0.27.0)
      rubocop (>= 0.90, < 2.0)
    rubocop-rake (0.6.0)
      rubocop (~> 1.0)
    rubocop-shopify (2.14.0)
      rubocop (~> 1.51)
    rubocop-sorbet (0.6.11)
      rubocop (>= 0.90.0)
    ruby-lsp (0.4.5)
      language_server-protocol (~> 3.17.0)
      sorbet-runtime
      syntax_tree (>= 6.1.1, < 7)
    ruby-progressbar (1.13.0)
    sorbet (0.5.10914)
      sorbet-static (= 0.5.10914)
    sorbet-runtime (0.5.10914)
    sorbet-static (0.5.10914-universal-darwin-19)
    sorbet-static (0.5.10914-universal-darwin-20)
    sorbet-static (0.5.10914-universal-darwin-21)
    sorbet-static (0.5.10914-universal-darwin-22)
    sorbet-static (0.5.10914-x86_64-linux)
    sorbet-static-and-runtime (0.5.10914)
      sorbet (= 0.5.10914)
      sorbet-runtime (= 0.5.10914)
    spoom (1.2.2)
      erubi (>= 1.10.0)
      sorbet (>= 0.5.10187)
      sorbet-runtime (>= 0.5.9204)
      syntax_tree (>= 6.1.1)
      thor (>= 0.19.2)
    syntax_tree (6.1.1)
      prettier_print (>= 1.2.0)
    tapioca (0.11.8)
      bundler (>= 2.2.25)
      netrc (>= 0.11.0)
      parallel (>= 1.21.0)
      rbi (~> 0.0.0, >= 0.0.16)
      sorbet-static-and-runtime (>= 0.5.10187)
      spoom (~> 1.2.0, >= 1.2.0)
      thor (>= 1.2.0)
      yard-sorbet
    thor (1.2.2)
    unicode-display_width (2.4.2)
    unparser (0.6.8)
      diff-lcs (~> 1.3)
      parser (>= 3.2.0)
    yard (0.9.34)
    yard-sorbet (0.8.1)
      sorbet-runtime (>= 0.5)
      yard (>= 0.9)

PLATFORMS
  arm64-darwin-21
  x86_64-darwin-19
  x86_64-darwin-20
  x86_64-darwin-21
  x86_64-darwin-22
  x86_64-linux

DEPENDENCIES
  benchmark-ips
  benchmark-memory
  bluejay!
  graphql (~> 2.0.22)
  graphql-c_parser (~> 1.0.2)
  minitest (~> 5.0)
  pry
  pry-nav
  rake (~> 13.0)
  rake-compiler
  rb_sys (~> 0.9.65)
  rubocop (~> 1.21)
  rubocop-minitest (~> 0.27.0)
  rubocop-rake (~> 0.6.0)
  rubocop-shopify (~> 2.12)
  rubocop-sorbet (~> 0.6.11)
  ruby-lsp (~> 0.4.0)
  sorbet
  tapioca

BUNDLED WITH
   2.4.6
