PATH
  remote: .
  specs:
    bluejay (0.1.0.alpha.1)
      sorbet-runtime

GEM
  remote: https://rubygems.org/
  specs:
    ast (2.4.2)
    benchmark-ips (2.10.0)
    benchmark-memory (0.2.0)
      memory_profiler (~> 1)
    coderay (1.1.3)
    diff-lcs (1.5.0)
    graphql (2.0.16)
    json (2.6.3)
    language_server-protocol (3.17.0.3)
    memory_profiler (1.0.1)
    method_source (1.0.0)
    minitest (5.17.0)
    netrc (0.11.0)
    parallel (1.22.1)
    parser (3.2.0.0)
      ast (~> 2.4.1)
    prettier_print (1.2.0)
    pry (0.14.1)
      coderay (~> 1.1)
      method_source (~> 1.0)
    pry-nav (1.0.0)
      pry (>= 0.9.10, < 0.15)
    rainbow (3.1.1)
    rake (13.0.6)
    rake-compiler (1.2.1)
      rake
    rb_sys (0.9.65)
    rbi (0.0.16)
      ast
      parser (>= 2.6.4.0)
      sorbet-runtime (>= 0.5.9204)
      unparser
    regexp_parser (2.6.1)
    rexml (3.2.5)
    rubocop (1.44.1)
      json (~> 2.3)
      parallel (~> 1.10)
      parser (>= 3.2.0.0)
      rainbow (>= 2.2.2, < 4.0)
      regexp_parser (>= 1.8, < 3.0)
      rexml (>= 3.2.5, < 4.0)
      rubocop-ast (>= 1.24.1, < 2.0)
      ruby-progressbar (~> 1.7)
      unicode-display_width (>= 2.4.0, < 3.0)
    rubocop-ast (1.24.1)
      parser (>= 3.1.1.0)
    rubocop-minitest (0.27.0)
      rubocop (>= 0.90, < 2.0)
    rubocop-rake (0.6.0)
      rubocop (~> 1.0)
    rubocop-shopify (2.12.0)
      rubocop (~> 1.44)
    rubocop-sorbet (0.6.11)
      rubocop (>= 0.90.0)
    ruby-lsp (0.4.0)
      language_server-protocol (~> 3.17.0)
      sorbet-runtime
      syntax_tree (>= 6, < 7)
    ruby-progressbar (1.11.0)
    sorbet (0.5.10599)
      sorbet-static (= 0.5.10599)
    sorbet-runtime (0.5.10599)
    sorbet-static (0.5.10599-universal-darwin-19)
    sorbet-static (0.5.10599-universal-darwin-20)
    sorbet-static (0.5.10599-universal-darwin-21)
    sorbet-static (0.5.10599-universal-darwin-22)
    sorbet-static (0.5.10599-x86_64-linux)
    sorbet-static-and-runtime (0.5.10599)
      sorbet (= 0.5.10599)
      sorbet-runtime (= 0.5.10599)
    spoom (1.1.15)
      sorbet (>= 0.5.10187)
      sorbet-runtime (>= 0.5.9204)
      thor (>= 0.19.2)
    syntax_tree (6.0.0)
      prettier_print (>= 1.2.0)
    tapioca (0.10.5)
      bundler (>= 1.17.3)
      netrc (>= 0.11.0)
      parallel (>= 1.21.0)
      rbi (~> 0.0.0, >= 0.0.16)
      sorbet-static-and-runtime (>= 0.5.10187)
      spoom (~> 1.1.0, >= 1.1.11)
      thor (>= 1.2.0)
      yard-sorbet
    thor (1.2.1)
    unicode-display_width (2.4.2)
    unparser (0.6.7)
      diff-lcs (~> 1.3)
      parser (>= 3.2.0)
    webrick (1.7.0)
    yard (0.9.28)
      webrick (~> 1.7.0)
    yard-sorbet (0.7.0)
      sorbet-runtime (>= 0.5)
      yard (>= 0.9)

PLATFORMS
  arm64-darwin-21
  x86_64-darwin-19
  x86_64-darwin-20
  x86_64-darwin-21
  x86_64-darwin-22
  x86_64-linux

DEPENDENCIES
  benchmark-ips
  benchmark-memory
  bluejay!
  graphql
  minitest (~> 5.0)
  pry
  pry-nav
  rake (~> 13.0)
  rake-compiler
  rb_sys (~> 0.9.65)
  rubocop (~> 1.21)
  rubocop-minitest (~> 0.27.0)
  rubocop-rake (~> 0.6.0)
  rubocop-shopify (~> 2.12)
  rubocop-sorbet (~> 0.6.11)
  ruby-lsp (~> 0.4.0)
  sorbet
  tapioca

BUNDLED WITH
   2.4.6
